GEM
  remote: https://rubygems.org/
  specs:
    ast (2.4.2)
    concurrent-ruby (1.2.3)
    debug (1.8.0)
      irb (>= 1.5.0)
      reline (>= 0.3.1)
    io-console (0.6.0)
    irb (1.8.3)
      rdoc
      reline (>= 0.3.8)
    json (2.6.3)
    language_server-protocol (3.17.0.4)
    mime-types (3.5.2)
      mime-types-data (~> 3.2015)
    mime-types-data (3.2023.1205)
    parallel (1.23.0)
    parser (3.2.2.4)
      ast (~> 2.4.1)
      racc
    playwright-ruby-client (1.38.1)
      concurrent-ruby (>= 1.1.6)
      mime-types (>= 3.0)
    psych (5.1.2)
      stringio
    racc (1.7.3)
    rainbow (3.1.1)
    rdoc (6.5.1.1)
      psych (>= 4.0.0)
    regexp_parser (2.8.3)
    reline (0.3.9)
      io-console (~> 0.5)
    rexml (3.2.9)
      strscan
    rubocop (1.57.2)
      json (~> 2.3)
      language_server-protocol (>= 3.17.0)
      parallel (~> 1.10)
      parser (>= 3.2.2.4)
      rainbow (>= 2.2.2, < 4.0)
      regexp_parser (>= 1.8, < 3.0)
      rexml (>= 3.2.5, < 4.0)
      rubocop-ast (>= 1.28.1, < 2.0)
      ruby-progressbar (~> 1.7)
      unicode-display_width (>= 2.4.0, < 3.0)
    rubocop-ast (1.29.0)
      parser (>= 3.2.1.0)
    ruby-progressbar (1.13.0)
    stringio (3.0.9)
    strscan (1.0.3)
    unicode-display_width (2.5.0)

PLATFORMS
  arm64-darwin-22
  arm64-darwin-23
  arm64-darwin-24
  x86_64-linux

DEPENDENCIES
  debug
  playwright-ruby-client
  rubocop

BUNDLED WITH
   2.4.20
